GEM
  remote: https://rubygems.org/
  specs:
    rake (13.0.6)
    thor (1.2.1)

PLATFORMS
  x86_64-linux

DEPENDENCIES
  rake (~> 13.0)
  thor (~> 1.2)

BUNDLED WITH
   2.3.26
