GEM
  remote: https://rubygems.org/
  specs:
    artii (2.1.2)
    colorize (0.8.1)
    rake (13.0.6)
    terminal-table (3.0.2)
      unicode-display_width (>= 1.1.1, < 3)
    thor (1.2.1)
    unicode-display_width (2.4.2)

PLATFORMS
  x86_64-linux

DEPENDENCIES
  artii (~> 2.1)
  colorize (~> 0.8.1)
  rake (~> 13.0)
  terminal-table (~> 3.0)
  thor (~> 1.2)

BUNDLED WITH
   2.3.26
